GIT
  remote: git://github.com/DynamoMTL/spree-vendors.git
  revision: fc843d0094f04af317ee0455e66becc30a4dae61
  specs:
    spree_vendors (1.0.0)
      haml
      spree_core (>= 0.40.3)

GEM
  remote: http://rubygems.org/
  specs:
    abstract (1.0.0)
    actionmailer (3.0.7)
      actionpack (= 3.0.7)
      mail (~> 2.2.15)
    actionpack (3.0.7)
      activemodel (= 3.0.7)
      activesupport (= 3.0.7)
      builder (~> 2.1.2)
      erubis (~> 2.6.6)
      i18n (~> 0.5.0)
      rack (~> 1.2.1)
      rack-mount (~> 0.6.14)
      rack-test (~> 0.5.7)
      tzinfo (~> 0.3.23)
    activemerchant (1.14.0)
      activesupport (>= 2.3.8)
      braintree (>= 2.0.0)
      builder (>= 2.0.0)
    activemodel (3.0.7)
      activesupport (= 3.0.7)
      builder (~> 2.1.2)
      i18n (~> 0.5.0)
    activerecord (3.0.7)
      activemodel (= 3.0.7)
      activesupport (= 3.0.7)
      arel (~> 2.0.2)
      tzinfo (~> 0.3.23)
    activeresource (3.0.7)
      activemodel (= 3.0.7)
      activesupport (= 3.0.7)
    activesupport (3.0.7)
    acts_as_list (0.1.2)
    arel (2.0.10)
    bcrypt-ruby (2.1.4)
    braintree (2.13.1)
      builder (>= 2.0.0)
    builder (2.1.2)
    cancan (1.6.4)
    capybara (1.1.2)
      mime-types (>= 1.16)
      nokogiri (>= 1.3.3)
      rack (>= 1.0.0)
      rack-test (>= 0.5.4)
      selenium-webdriver (~> 2.0)
      xpath (~> 0.1.4)
    childprocess (0.2.2)
      ffi (~> 1.0.6)
    chunky_png (1.2.5)
    compass (0.11.5)
      chunky_png (~> 1.2)
      fssm (>= 0.2.7)
      sass (~> 3.1)
    cucumber (1.1.2)
      builder (>= 2.1.2)
      diff-lcs (>= 1.1.2)
      gherkin (~> 2.6.2)
      json (>= 1.4.6)
      term-ansicolor (>= 1.0.6)
    cucumber-rails (1.2.0)
      capybara (>= 1.1.1)
      cucumber (>= 1.1.1)
      nokogiri (>= 1.5.0)
    daemons (1.1.4)
    delayed_job (2.1.4)
      activesupport (~> 3.0)
      daemons
    devise (1.3.3)
      bcrypt-ruby (~> 2.1.2)
      orm_adapter (~> 0.0.3)
      warden (~> 1.0.3)
    diff-lcs (1.1.3)
    erubis (2.6.6)
      abstract (>= 1.0.0)
    faker (0.9.5)
      i18n (~> 0.4)
    ffi (1.0.11)
    fssm (0.2.7)
    gherkin (2.6.5)
      json (>= 1.4.6)
    haml (3.1.3)
    highline (1.5.1)
    i18n (0.5.0)
    jquery-rails (0.2.6)
      rails (~> 3.0)
      thor (~> 0.14.4)
    json (1.6.1)
    json_pure (1.6.1)
    mail (2.2.19)
      activesupport (>= 2.3.6)
      i18n (>= 0.4.0)
      mime-types (~> 1.16)
      treetop (~> 1.4.8)
    meta_search (1.0.5)
      actionpack (~> 3.0.2)
      activerecord (~> 3.0.2)
      activesupport (~> 3.0.2)
      arel (~> 2.0.2)
    mime-types (1.17.2)
    mysql (2.8.1)
    mysql2 (0.2.17)
    nested_set (1.6.4)
      activerecord (>= 3.0.0)
      railties (>= 3.0.0)
    nokogiri (1.5.0)
    orm_adapter (0.0.5)
    paperclip (2.3.8)
      activerecord
      activesupport
    polyglot (0.3.3)
    rack (1.2.4)
    rack-mount (0.6.14)
      rack (>= 1.0.0)
    rack-test (0.5.7)
      rack (>= 1.0)
    rails (3.0.7)
      actionmailer (= 3.0.7)
      actionpack (= 3.0.7)
      activerecord (= 3.0.7)
      activeresource (= 3.0.7)
      activesupport (= 3.0.7)
      bundler (~> 1.0)
      railties (= 3.0.7)
    railties (3.0.7)
      actionpack (= 3.0.7)
      activesupport (= 3.0.7)
      rake (>= 0.8.7)
      thor (~> 0.14.4)
    rake (0.8.7)
    rd_find_by_param (0.1.1)
      activerecord (~> 3.0)
      activesupport (~> 3.0)
    rd_resource_controller (1.0.1)
    rd_unobtrusive_date_picker (0.1.0)
    rspec (2.7.0)
      rspec-core (~> 2.7.0)
      rspec-expectations (~> 2.7.0)
      rspec-mocks (~> 2.7.0)
    rspec-core (2.7.1)
    rspec-expectations (2.7.0)
      diff-lcs (~> 1.1.2)
    rspec-mocks (2.7.0)
    rspec-rails (2.7.0)
      actionpack (~> 3.0)
      activesupport (~> 3.0)
      railties (~> 3.0)
      rspec (~> 2.7.0)
    rubyzip (0.9.4)
    sass (3.1.10)
    selenium-webdriver (2.13.0)
      childprocess (>= 0.2.1)
      ffi (~> 1.0.9)
      json_pure
      rubyzip
    spree (0.60.0)
      spree_api (= 0.60.0)
      spree_auth (= 0.60.0)
      spree_core (= 0.60.0)
      spree_dash (= 0.60.0)
      spree_promo (= 0.60.0)
      spree_sample (= 0.60.0)
    spree_api (0.60.0)
      spree_auth (= 0.60.0)
      spree_core (= 0.60.0)
    spree_auth (0.60.0)
      cancan (= 1.6.4)
      devise (= 1.3.3)
      spree_core (= 0.60.0)
    spree_core (0.60.0)
      activemerchant (= 1.14.0)
      acts_as_list (= 0.1.2)
      faker (= 0.9.5)
      highline (= 1.5.1)
      jquery-rails (= 0.2.6)
      meta_search (= 1.0.5)
      nested_set (= 1.6.4)
      paperclip (= 2.3.8)
      rails (= 3.0.7)
      rd_find_by_param (= 0.1.1)
      rd_resource_controller
      rd_unobtrusive_date_picker (= 0.1.0)
      state_machine (= 0.9.4)
      stringex (= 1.0.3)
      will_paginate (= 3.0.pre2)
    spree_dash (0.60.0)
      spree_core (= 0.60.0)
    spree_promo (0.60.0)
      spree_core (= 0.60.0)
    spree_sample (0.60.0)
      spree_core (= 0.60.0)
    state_machine (0.9.4)
    stringex (1.0.3)
    term-ansicolor (1.0.7)
    thor (0.14.6)
    treetop (1.4.10)
      polyglot
      polyglot (>= 0.3.1)
    tzinfo (0.3.31)
    warden (1.0.6)
      rack (>= 1.0)
    webrat (0.7.3)
      nokogiri (>= 1.2.0)
      rack (>= 1.0)
      rack-test (>= 0.5.3)
    will_paginate (3.0.pre2)
    xpath (0.1.4)
      nokogiri (~> 1.3)

PLATFORMS
  ruby

DEPENDENCIES
  compass
  cucumber-rails
  delayed_job
  haml
  mysql
  mysql2 (< 0.3)
  nokogiri
  rails (= 3.0.7)
  rake (= 0.8.7)
  rspec-rails
  sass
  spree (= 0.60.0)
  spree_vendors!
  webrat
